GIT
  remote: https://github.com/5t111111/ruboty-rss.git
  revision: 59f6a8bafb369b6a0f383549cf8c799c1c676e84
  branch: update-ruboty-version-dependency
  specs:
    ruboty-rss (0.0.6)
      activesupport
      ruboty (>= 1.0.4)

GEM
  remote: https://rubygems.org/
  specs:
    activesupport (4.2.6)
      i18n (~> 0.7)
      json (~> 1.7, >= 1.7.7)
      minitest (~> 5.1)
      thread_safe (~> 0.3, >= 0.3.4)
      tzinfo (~> 1.1)
    byebug (8.2.5)
    coderay (1.1.1)
    dotenv (2.1.1)
    i18n (0.7.0)
    json (1.8.3)
    mem (0.1.5)
    method_source (0.8.2)
    minitest (5.8.4)
    pry (0.10.3)
      coderay (~> 1.1.0)
      method_source (~> 0.8.1)
      slop (~> 3.4)
    pry-byebug (3.3.0)
      byebug (~> 8.0)
      pry (~> 0.10)
    ruboty (1.2.4)
      activesupport
      bundler
      dotenv
      mem
      slop
    ruboty-slack (0.1.12)
      ruboty (>= 1.0.4)
      xrc (>= 0.1.8)
    slop (3.6.0)
    thread_safe (0.3.5)
    tzinfo (1.2.2)
      thread_safe (~> 0.1)
    xrc (0.1.8)
      activesupport

PLATFORMS
  ruby

DEPENDENCIES
  pry-byebug
  ruboty
  ruboty-rss!
  ruboty-slack

RUBY VERSION
   ruby 2.3.1p112

BUNDLED WITH
   1.12.1
